GEM
  remote: https://rubygems.org/
  specs:
    albino (1.3.3)
      posix-spawn (>= 0.3.6)
    classifier (1.3.3)
      fast-stemmer (>= 1.0.0)
    commonjs (0.2.6)
    directory_watcher (1.4.1)
    fast-stemmer (1.0.1)
    guard (1.3.2)
      listen (>= 0.4.2)
      thor (>= 0.14.6)
    guard-less (0.1.2)
      guard (>= 0.2.2)
      less (~> 2.1.0)
    jekyll (0.11.2)
      albino (~> 1.3)
      classifier (~> 1.3)
      directory_watcher (~> 1.1)
      kramdown (~> 0.13)
      liquid (~> 2.3)
      maruku (~> 0.5)
    kramdown (0.13.8)
    less (2.1.0)
      commonjs (~> 0.2.0)
      therubyracer (~> 0.10.0)
    libv8 (3.3.10.4)
    liquid (2.4.1)
    listen (0.5.0)
    maruku (0.6.0)
      syntax (>= 1.0.0)
    posix-spawn (0.3.6)
    syntax (1.0.0)
    terminal-notifier-guard (1.5.3)
    therubyracer (0.10.2)
      libv8 (~> 3.3.10)
    thor (0.16.0)

PLATFORMS
  ruby

DEPENDENCIES
  guard
  guard-less
  jekyll
  terminal-notifier-guard
